PATH
  remote: .
  specs:
    code2pdf (0.3.1)
      prawn

GEM
  remote: http://rubygems.org/
  specs:
    coderay (1.1.1)
    diff-lcs (1.2.5)
    method_source (0.8.2)
    pdf-core (0.6.1)
    prawn (2.1.0)
      pdf-core (~> 0.6.1)
      ttfunk (~> 1.4.0)
    pry (0.10.4)
      coderay (~> 1.1.0)
      method_source (~> 0.8.1)
      slop (~> 3.4)
    rake (11.2.2)
    rspec (3.5.0)
      rspec-core (~> 3.5.0)
      rspec-expectations (~> 3.5.0)
      rspec-mocks (~> 3.5.0)
    rspec-core (3.5.3)
      rspec-support (~> 3.5.0)
    rspec-expectations (3.5.0)
      diff-lcs (>= 1.2.0, < 2.0)
      rspec-support (~> 3.5.0)
    rspec-mocks (3.5.0)
      diff-lcs (>= 1.2.0, < 2.0)
      rspec-support (~> 3.5.0)
    rspec-support (3.5.0)
    slop (3.6.0)
    ttfunk (1.4.0)

PLATFORMS
  ruby

DEPENDENCIES
  bundler
  code2pdf!
  pry
  rake
  rspec

BUNDLED WITH
   1.12.5
