PATH
  remote: .
  specs:
    code2pdf (0.3.0)
      prawn

GEM
  remote: http://rubygems.org/
  specs:
    diff-lcs (1.2.5)
    pdf-core (0.6.1)
    prawn (2.1.0)
      pdf-core (~> 0.6.1)
      ttfunk (~> 1.4.0)
    rspec (3.5.0)
      rspec-core (~> 3.5.0)
      rspec-expectations (~> 3.5.0)
      rspec-mocks (~> 3.5.0)
    rspec-core (3.5.3)
      rspec-support (~> 3.5.0)
    rspec-expectations (3.5.0)
      diff-lcs (>= 1.2.0, < 2.0)
      rspec-support (~> 3.5.0)
    rspec-mocks (3.5.0)
      diff-lcs (>= 1.2.0, < 2.0)
      rspec-support (~> 3.5.0)
    rspec-support (3.5.0)
    ttfunk (1.4.0)

PLATFORMS
  ruby

DEPENDENCIES
  code2pdf!
  rspec

BUNDLED WITH
   1.12.5
